GEM
  remote: http://rubygems.org/
  specs:
    archive-zip (0.7.0)
      io-like (~> 0.3.0)
    builder (3.2.3)
    capybara (1.1.4)
      mime-types (>= 1.16)
      nokogiri (>= 1.3.3)
      rack (>= 1.0.0)
      rack-test (>= 0.5.4)
      selenium-webdriver (~> 2.0)
      xpath (~> 0.1.4)
    childprocess (0.8.0)
      ffi (~> 1.0, >= 1.0.11)
    chromedriver-helper (1.1.0)
      archive-zip (~> 0.7.0)
      nokogiri (~> 1.6)
    cucumber (1.1.9)
      builder (>= 2.1.2)
      diff-lcs (>= 1.1.2)
      gherkin (~> 2.9.0)
      json (>= 1.4.6)
      term-ansicolor (>= 1.0.6)
    diff-lcs (1.1.3)
    ffi (1.9.18)
    gherkin (2.9.3)
      json (>= 1.4.6)
    io-like (0.3.0)
    json (2.1.0)
    mime-types (3.1)
      mime-types-data (~> 3.2015)
    mime-types-data (3.2016.0521)
    mini_portile2 (2.3.0)
    nokogiri (1.8.1)
      mini_portile2 (~> 2.3.0)
    rack (2.0.3)
    rack-test (0.8.2)
      rack (>= 1.0, < 3)
    rspec (2.99.0)
      rspec-core (~> 2.99.0)
      rspec-expectations (~> 2.99.0)
      rspec-mocks (~> 2.99.0)
    rspec-core (2.99.2)
    rspec-expectations (2.99.2)
      diff-lcs (>= 1.1.3, < 2.0)
    rspec-mocks (2.99.4)
    rubyzip (1.2.1)
    selenium-webdriver (2.53.4)
      childprocess (~> 0.5)
      rubyzip (~> 1.0)
      websocket (~> 1.0)
    term-ansicolor (1.6.0)
      tins (~> 1.0)
    tins (1.16.3)
    websocket (1.2.5)
    xpath (0.1.4)
      nokogiri (~> 1.3)

PLATFORMS
  ruby

DEPENDENCIES
  capybara
  chromedriver-helper
  cucumber
  rspec
  selenium-webdriver

BUNDLED WITH
   1.16.0
